GEM
  remote: http://rubygems.org/
  specs:
    RedCloth (4.2.3)
    albino (1.1)
    diff-lcs (1.1.2)
    github-markup (0.5.1)
    gollum (1.1.0)
      albino (~> 1.0)
      github-markup (< 1.0.0, >= 0.4.0)
      grit (~> 2.3)
      mustache (< 1.0.0, >= 0.11.2)
      nokogiri (~> 1.4)
      sanitize (~> 1.1)
      sinatra (~> 1.0)
    gollum-site (0.1.7)
      gollum (>= 1.1.0)
      liquid (>= 2.2.2)
      mixlib-log (>= 1.1.0)
    grit (2.3.0)
      diff-lcs (~> 1.1)
      mime-types (~> 1.15)
    liquid (2.2.2)
    mime-types (1.16)
    mixlib-log (1.2.0)
    mustache (0.12.0)
    nokogiri (1.4.4)
    rack (1.2.1)
    rake (0.8.7)
    rdiscount (1.6.5)
    rspec (2.3.0)
      rspec-core (~> 2.3.0)
      rspec-expectations (~> 2.3.0)
      rspec-mocks (~> 2.3.0)
    rspec-core (2.3.1)
    rspec-expectations (2.3.0)
      diff-lcs (~> 1.1.2)
    rspec-mocks (2.3.0)
    sanitize (1.2.1)
      nokogiri (~> 1.4.1)
    sinatra (1.1.2)
      rack (~> 1.1)
      tilt (~> 1.2)
    tilt (1.2.1)

PLATFORMS
  ruby

DEPENDENCIES
  RedCloth
  gollum-site
  rake
  rdiscount
  rspec
